GEM
  remote: https://rubygems.org/
  specs:
    activesupport (6.0.0)
      concurrent-ruby (~> 1.0, >= 1.0.2)
      i18n (>= 0.7, < 2)
      minitest (~> 5.1)
      tzinfo (~> 1.1)
      zeitwerk (~> 2.1, >= 2.1.8)
    concurrent-ruby (1.1.5)
    httparty (0.17.0)
      mime-types (~> 3.0)
      multi_xml (>= 0.5.2)
    i18n (1.6.0)
      concurrent-ruby (~> 1.0)
    mime-types (3.2.2)
      mime-types-data (~> 3.2015)
    mime-types-data (3.2019.0331)
    mini_portile2 (2.4.0)
    minitest (5.11.3)
    multi_xml (0.6.0)
    nokogiri (1.10.8)
      mini_portile2 (~> 2.4.0)
    reverse_markdown (1.1.0)
      nokogiri
    thread_safe (0.3.6)
    tzinfo (1.2.5)
      thread_safe (~> 0.1)
    zeitwerk (2.1.9)

PLATFORMS
  ruby

DEPENDENCIES
  activesupport (= 6.0.0)
  httparty (= 0.17.0)
  reverse_markdown (= 1.1.0)

BUNDLED WITH
   2.0.2
